GEM
  remote: http://rubygems.org/
  specs:
    actionpack (3.1.1)
      activemodel (= 3.1.1)
      activesupport (= 3.1.1)
      builder (~> 3.0.0)
      erubis (~> 2.7.0)
      i18n (~> 0.6)
      rack (~> 1.3.2)
      rack-cache (~> 1.1)
      rack-mount (~> 0.8.2)
      rack-test (~> 0.6.1)
      sprockets (~> 2.0.2)
    activemodel (3.1.1)
      activesupport (= 3.1.1)
      builder (~> 3.0.0)
      i18n (~> 0.6)
    activesupport (3.1.1)
      multi_json (~> 1.0)
    blankslate (2.1.2.4)
    builder (3.0.0)
    diff-lcs (1.1.3)
    erubis (2.7.0)
    fastercsv (1.5.4)
    hike (1.2.1)
    i18n (0.6.0)
    json (1.6.1-java)
    multi_json (1.0.3)
    neo4j (1.2.4-java)
      activemodel (>= 3.0.0)
      orm_adapter (>= 0.0.3)
      railties (>= 3.0.0)
      will_paginate (= 3.0.pre4)
    nokogiri (1.5.0-java)
    orm_adapter (0.0.5)
    pacer (0.8.6-java)
      fastercsv (>= 1.5.4)
      parslet (= 1.2.1)
    pacer-neo4j (1.0.7-java)
      pacer (>= 0.8.5)
    parslet (1.2.1)
      blankslate (~> 2.0)
    rack (1.3.5)
    rack-cache (1.1)
      rack (>= 0.4)
    rack-mount (0.8.3)
      rack (>= 1.0.0)
    rack-ssl (1.3.2)
      rack
    rack-test (0.6.1)
      rack (>= 1.0)
    railties (3.1.1)
      actionpack (= 3.1.1)
      activesupport (= 3.1.1)
      rack-ssl (~> 1.3.2)
      rake (>= 0.8.7)
      rdoc (~> 3.4)
      thor (~> 0.14.6)
    rake (0.9.2)
    rcov (0.9.11-java)
    rdoc (3.11)
      json (~> 1.4)
    rspec (2.6.0)
      rspec-core (~> 2.6.0)
      rspec-expectations (~> 2.6.0)
      rspec-mocks (~> 2.6.0)
    rspec-core (2.6.4)
    rspec-expectations (2.6.0)
      diff-lcs (~> 1.1.2)
    rspec-mocks (2.6.0)
    sprockets (2.0.3)
      hike (~> 1.2)
      rack (~> 1.0)
      tilt (~> 1.1, != 1.3.0)
    thor (0.14.6)
    tilt (1.3.3)
    will_paginate (3.0.pre4)

PLATFORMS
  java

DEPENDENCIES
  bundler (~> 1.0.0)
  neo4j
  nokogiri
  pacer
  pacer-neo4j
  rcov
  rspec (= 2.6.0)
